GEM
  remote: https://rubygems.org/
  specs:
    coderay (1.1.2)
    concurrent-ruby (1.1.5)
    dry-core (0.4.7)
      concurrent-ruby (~> 1.0)
    dry-equalizer (0.2.2)
    dry-monads (1.2.0)
      concurrent-ruby (~> 1.0)
      dry-core (~> 0.4, >= 0.4.4)
      dry-equalizer
    method_source (0.9.2)
    pry (0.12.2)
      coderay (~> 1.1.0)
      method_source (~> 0.9.0)
    rack (2.0.4)
    sequel (5.19.0)
    sqlite3 (1.4.0)

PLATFORMS
  ruby

DEPENDENCIES
  dry-monads
  pry
  rack
  sequel
  sqlite3

BUNDLED WITH
   1.17.2
